GEM
  specs:
    childprocess (0.7.0)
      ffi (~> 1.0, >= 1.0.11)
    ffi (1.9.18)
    rubyzip (1.2.1)
    selenium-webdriver (3.6.0)
      childprocess (~> 0.5)
      rubyzip (~> 1.0)
    terminal-notifier (1.8.0)

PLATFORMS
  ruby

DEPENDENCIES
  selenium-webdriver
  terminal-notifier

BUNDLED WITH
   1.14.6
